GEM
  remote: https://rubygems.org/
  specs:
    autoprefixer-rails (5.1.7)
      execjs
      json
    bootstrap-sass (3.3.3)
      autoprefixer-rails (>= 5.0.0.1)
      sass (>= 3.2.19)
    chunky_png (1.3.4)
    compass (0.13.alpha.4)
      chunky_png (~> 1.2)
      listen (<= 0.9.9)
      sass (~> 3.2.5)
    compass_radix (3.1.3)
      bootstrap-sass (~> 3.2)
      compass (~> 0.12)
    execjs (2.3.0)
    json (1.8.2)
    listen (0.7.3)
    rb-fsevent (0.9.4)
    sass (3.2.19)
    sass-globbing (1.1.1)
      sass (>= 3.1)

PLATFORMS
  ruby

DEPENDENCIES
  bootstrap-sass (>= 3.0.3.0)
  chunky_png (>= 1.2.9)
  compass (~> 0.13.alpha.4)
  compass_radix (>= 3.0.1)
  rb-fsevent (~> 0.9)
  sass (~> 3.2.14)
  sass-globbing (>= 1.1.0)
